GEM
  remote: http://rubygems.org/
  specs:
    diff-lcs (1.1.2)
    getoptions (0.3)
    git (1.2.5)
    jeweler (1.5.2)
      bundler (~> 1.0.0)
      git (>= 1.2.5)
      rake
    net-ldap (0.2.2)
    net-ping (1.5.0)
      net-ldap (~> 0.2.2)
    rake (0.8.7)
    rcov (0.9.9)
    rspec (2.5.0)
      rspec-core (~> 2.5.0)
      rspec-expectations (~> 2.5.0)
      rspec-mocks (~> 2.5.0)
    rspec-core (2.5.1)
    rspec-expectations (2.5.0)
      diff-lcs (~> 1.1.2)
    rspec-mocks (2.5.0)

PLATFORMS
  ruby

DEPENDENCIES
  bundler (~> 1.0.0)
  getoptions (~> 0.3)
  jeweler (~> 1.5.2)
  net-ping (~> 1.5.0)
  rcov
  rspec (> 2.3.0)
